GEM
  remote: https://rubygems.org/
  specs:
    benchmark-ips (2.5.0)
    coderay (1.1.1)
    daemons (1.2.3)
    deckrb (0.5.2)
      coderay
      erector (>= 0.9.0)
      json
      nokogiri
      rack (>= 1.4.1)
      rack-codehighlighter
      redcarpet (~> 2)
      thin
      trollop
    erector (0.10.0)
      treetop (>= 1.2.3)
    eventmachine (1.2.0.1)
    json (1.8.3)
    mini_portile2 (2.0.0)
    nokogiri (1.6.7.2)
      mini_portile2 (~> 2.0.0.rc2)
    polyglot (0.3.5)
    rack (1.6.4)
    rack-codehighlighter (0.5.1)
      nokogiri (>= 1.4.1)
      rack (>= 1.0.0)
    redcarpet (2.3.0)
    ruby-prof (0.15.9)
    thin (1.6.4)
      daemons (~> 1.0, >= 1.0.9)
      eventmachine (~> 1.0, >= 1.0.4)
      rack (~> 1.0)
    treetop (1.6.5)
      polyglot (~> 0.3)
    trollop (2.1.2)

PLATFORMS
  ruby

DEPENDENCIES
  benchmark-ips
  deckrb
  ruby-prof

BUNDLED WITH
   1.11.2
